GEM
  remote: https://rubygems.org/
  specs:
    json (2.6.2)
    rubytree (2.0.0)
      json (~> 2.0, > 2.3.1)

PLATFORMS
  x86_64-linux

DEPENDENCIES
  rubytree (~> 2.0)

BUNDLED WITH
   2.3.22
